PATH
  remote: .
  specs:
    micro_test (0.3.5)
      os

GEM
  remote: https://rubygems.org/
  specs:
    os (0.9.6)

PLATFORMS
  java
  ruby

DEPENDENCIES
  micro_test!
